PATH
  remote: ./
  specs:
    icomoon2sass (0.0.1)
      rubyzip
      sass (>= 3.2.0)
      thor

GEM
  remote: https://rubygems.org/
  specs:
    coderay (1.1.0)
    method_source (0.8.2)
    pry (0.10.0)
      coderay (~> 1.1.0)
      method_source (~> 0.8.1)
      slop (~> 3.4)
    rubyzip (1.1.6)
    sass (3.3.8)
    slop (3.5.0)
    thor (0.19.1)

PLATFORMS
  ruby

DEPENDENCIES
  icomoon2sass!
  pry
  rubyzip
  thor
